GEM
  remote: https://rubygems.org/
  specs:
    bigdecimal (3.2.2)
    csv (3.3.5)
    httparty (0.23.1)
      csv
      mini_mime (>= 1.0.0)
      multi_xml (>= 0.5.2)
    mini_mime (1.1.5)
    minitest (5.16.3)
    multi_xml (0.7.2)
      bigdecimal (~> 3.1)
    net-http (0.6.0)
      uri
    uri (1.0.3)

PLATFORMS
  arm64-darwin-23

DEPENDENCIES
  httparty
  minitest
  net-http
  uri

BUNDLED WITH
   2.4.10
